GEM
  remote: https://rubygems.org/
  specs:
    mini_portile2 (2.8.1)
    nokogiri (1.14.3)
      mini_portile2 (~> 2.8.0)
      racc (~> 1.4)
    racc (1.6.2)
    redcarpet (3.5.1)

PLATFORMS
  ruby

DEPENDENCIES
  nokogiri
  redcarpet

BUNDLED WITH
   1.16.2
