GEM
  remote: https://rubygems.org/
  specs:
    mini_portile2 (2.8.6)
    nokogiri (1.16.5)
      mini_portile2 (~> 2.8.2)
      racc (~> 1.4)
    racc (1.7.3)
    redcarpet (3.5.1)

PLATFORMS
  ruby

DEPENDENCIES
  bundler (= 2.7.2)
  nokogiri
  redcarpet

BUNDLED WITH
   2.7.2
