GEM
  remote: https://rubygems.org/
  specs:
    mini_portile2 (2.5.0)
    nokogiri (1.11.0)
      mini_portile2 (~> 2.5.0)
      racc (~> 1.4)
    racc (1.5.2)
    redcarpet (3.5.1)

PLATFORMS
  ruby

DEPENDENCIES
  nokogiri
  redcarpet

BUNDLED WITH
   1.16.2
