GEM
  remote: https://rubygems.org/
  specs:
    mini_portile (0.6.2)
    nokogiri (1.6.6.2)
      mini_portile (~> 0.6.0)
    redcarpet (3.3.3)

PLATFORMS
  ruby

DEPENDENCIES
  nokogiri
  redcarpet

BUNDLED WITH
   1.10.6
